GEM
  remote: https://rubygems.org/
  specs:
    cmdparse (3.0.1)
    juicer (1.2.0)
      cmdparse
      nokogiri (>= 1.5.0)
      rubyzip (= 0.9.9)
    mini_portile (0.6.2)
    nokogiri (1.6.6.2)
      mini_portile (~> 0.6.0)
    rubyzip (0.9.9)

PLATFORMS
  ruby

DEPENDENCIES
  juicer
